GEM
  remote: https://rubygems.org/
  specs:
    RubyInline (3.12.4)
      ZenTest (~> 4.3)
    ZenTest (4.11.1)
    cocoapods-keys (2.0.6)
      dotenv
      osx_keychain
    dotenv (2.5.0)
    osx_keychain (1.0.2)
      RubyInline (~> 3)

PLATFORMS
  ruby

DEPENDENCIES
  cocoapods-keys (= 2.0.6)

BUNDLED WITH
   1.16.3
